GEM
  remote: https://rubygems.org/
  specs:
    activesupport (4.2.5)
      i18n (~> 0.7)
      json (~> 1.7, >= 1.7.7)
      minitest (~> 5.1)
      thread_safe (~> 0.3, >= 0.3.4)
      tzinfo (~> 1.1)
    addressable (2.4.0)
    asciidoctor (1.5.3)
    colored (1.2)
    cri (2.7.0)
      colored (~> 1.2)
    ethon (0.8.0)
      ffi (>= 1.3.0)
    ffi (1.9.10)
    ffi (1.9.10-x64-mingw32)
    html-proofer (2.6.1)
      activesupport (~> 4.2)
      addressable (~> 2.3)
      colored (~> 1.2)
      mercenary (~> 0.3.2)
      nokogiri (~> 1.5)
      parallel (~> 1.3)
      typhoeus (~> 0.7)
      yell (~> 2.0)
    i18n (0.7.0)
    json (1.8.3)
    liquid (3.0.6)
    mercenary (0.3.5)
    mini_portile2 (2.0.0)
    minitest (5.8.3)
    nanoc (4.1.1)
      cri (~> 2.3)
    nanoc-asciidoctor (1.0.2)
      asciidoctor (> 0.1, < 2.0)
      nanoc (>= 3.6.7, < 5.0.0)
    nanoc-conref-fs (0.6.4)
      activesupport (~> 4.2)
      liquid (~> 3.0)
      nanoc (~> 4.0)
    nokogiri (1.6.7.1)
      mini_portile2 (~> 2.0.0.rc2)
    nokogiri (1.6.7.1-x64-mingw32)
      mini_portile2 (~> 2.0.0.rc2)
    parallel (1.6.1)
    rake (10.4.2)
    rouge (1.10.1)
    thread_safe (0.3.5)
    typhoeus (0.8.0)
      ethon (>= 0.8.0)
    tzinfo (1.2.2)
      thread_safe (~> 0.1)
    yell (2.0.5)

PLATFORMS
  ruby
  x64-mingw32

DEPENDENCIES
  activesupport (~> 4.2)
  html-proofer (~> 2.0)
  nanoc (~> 4.1)
  nanoc-asciidoctor (~> 1.0)
  nanoc-conref-fs (~> 0.5)
  rake
  rouge (~> 1.10)

BUNDLED WITH
   1.11.2
