GEM
  remote: https://rubygems.org/
  specs:
    activesupport (4.2.4)
      i18n (~> 0.7)
      json (~> 1.7, >= 1.7.7)
      minitest (~> 5.1)
      thread_safe (~> 0.3, >= 0.3.4)
      tzinfo (~> 1.1)
    asciidoctor (1.5.2)
    colored (1.2)
    cri (2.7.0)
      colored (~> 1.2)
    html-pipeline (2.2.2)
      activesupport (>= 2, < 5)
      nokogiri (>= 1.4)
    i18n (0.7.0)
    json (1.8.3)
    liquid (3.0.6)
    mini_portile (0.6.2)
    minitest (5.8.2)
    nanoc (4.0.0rc3)
      cri (~> 2.3)
    nanoc-asciidoctor (1.0.1)
      asciidoctor (> 0.1, < 2.0)
      nanoc (>= 3.6.7, < 4.0.0)
    nanoc-conref-fs (0.3.1)
      activesupport (~> 4.2)
      liquid (~> 3.0)
      nanoc (>= 3.1.6)
    nanoc-html-pipeline (0.3.3)
      html-pipeline (~> 2.0)
      nanoc (>= 3.1, < 5.0)
    nokogiri (1.6.6.2)
      mini_portile (~> 0.6.0)
    nokogiri (1.6.6.2-x64-mingw32)
      mini_portile (~> 0.6.0)
    thread_safe (0.3.5)
    tzinfo (1.2.2)
      thread_safe (~> 0.1)

PLATFORMS
  ruby
  x64-mingw32

DEPENDENCIES
  nanoc (~> 4.0.0rc3)
  nanoc-asciidoctor (~> 1.0)
  nanoc-conref-fs (~> 0.3)
  nanoc-html-pipeline (~> 0.3.2)

BUNDLED WITH
   1.10.6
